GEM
  remote: https://rubygems.org/
  specs:
    posix-spawn (0.3.11)
    pygments.rb (0.6.3)
      posix-spawn (~> 0.3.6)
      yajl-ruby (~> 1.2.0)
    rack (1.6.4)
    redcarpet (3.3.2)
    sass (3.4.18)
    yajl-ruby (1.2.1)

PLATFORMS
  ruby

DEPENDENCIES
  pygments.rb
  rack
  redcarpet
  sass

BUNDLED WITH
   1.10.6
